GIT
  remote: git://github.com/elliottwilliams/mumble-ruby.git
  revision: 7565e5431c9eb519e3181e208dfe1852b00b461e
  branch: master
  specs:
    mumble-ruby (0.0.3)
      activesupport
      celt-ruby
      ruby-libsamplerate
      ruby_protobuf

PATH
  remote: .
  specs:
    mumbletune (0.1.3)
      eventmachine
      ffi (~> 1.3.0)
      hallon
      hallon-fifo (>= 0.0.3)
      meta-spotify
      mumble-ruby
      mustache
      text

GEM
  remote: https://rubygems.org/
  specs:
    activesupport (3.2.13)
      i18n (= 0.6.1)
      multi_json (~> 1.0)
    celt-ruby (0.0.1)
      ffi
    columnize (0.3.6)
    debugger (1.5.0)
      columnize (>= 0.3.1)
      debugger-linecache (~> 1.2.0)
      debugger-ruby_core_source (~> 1.2.0)
    debugger-linecache (1.2.0)
    debugger-ruby_core_source (1.2.0)
    eventmachine (1.0.3)
    ffi (1.3.1)
    hallon (0.18.1)
      spotify (~> 12.3.0)
      weak_observable (~> 1.0)
    hallon-fifo (0.0.3)
      mkfifo
    httparty (0.11.0)
      multi_json (~> 1.0)
      multi_xml (>= 0.5.2)
    i18n (0.6.1)
    libspotify (12.1.51.3)
    meta-spotify (0.3.1)
      httparty (> 0.8)
    mkfifo (0.0.1)
    multi_json (1.7.2)
    multi_xml (0.5.3)
    mustache (0.99.4)
    rake (10.0.4)
    ref (1.0.4)
    ruby-libsamplerate (0.0.1)
      ffi
    ruby_protobuf (0.4.11)
    spotify (12.3.0)
      ffi (~> 1.0, >= 1.0.11)
      libspotify (~> 12.1.51)
    text (1.2.1)
    weak_observable (1.0.1)
      ref (~> 1.0.0)

PLATFORMS
  ruby

DEPENDENCIES
  bundler (~> 1.3)
  debugger
  mumble-ruby!
  mumbletune!
  rake
