GIT
  remote: git://github.com/elliottwilliams/hallon-queue-output.git
  revision: cfa3d79d538c376d36d09499b58e90bd98843bd7
  branch: master
  specs:
    hallon-queue-output (0.0.2)

GIT
  remote: git://github.com/elliottwilliams/mumble-ruby.git
  revision: 8a557f55d2bace410e9ca046469e7ab7344a51de
  branch: master
  specs:
    mumble-ruby (0.0.3)
      activesupport
      celt-ruby
      ruby-libsamplerate
      ruby_protobuf

PATH
  remote: .
  specs:
    mumbletune (0.2.0)
      daemons
      ffi (~> 1.3.0)
      hallon
      mumble-ruby
      mustache
      text

GEM
  remote: https://rubygems.org/
  specs:
    activesupport (3.2.13)
      i18n (= 0.6.1)
      multi_json (~> 1.0)
    celt-ruby (0.0.1)
      ffi
    daemons (1.1.9)
    ffi (1.3.1)
    hallon (0.18.1)
      spotify (~> 12.3.0)
      weak_observable (~> 1.0)
    i18n (0.6.1)
    libspotify (12.1.51.3)
    multi_json (1.7.2)
    mustache (0.99.4)
    rake (10.0.4)
    ref (1.0.4)
    ruby-libsamplerate (0.0.1)
      ffi
    ruby_protobuf (0.4.11)
    spotify (12.3.0)
      ffi (~> 1.0, >= 1.0.11)
      libspotify (~> 12.1.51)
    text (1.2.1)
    weak_observable (1.0.1)
      ref (~> 1.0.0)

PLATFORMS
  ruby

DEPENDENCIES
  bundler (~> 1.3)
  hallon-queue-output!
  mumble-ruby!
  mumbletune!
  rake
