GIT
  remote: git://github.com/Zachoz/mumble-ruby.git
  revision: 62cc322a9f4889dbe75b824c037180291c2d540e
  branch: master
  specs:
    mumble-ruby (0.0.3)
      activesupport
      celt-ruby
      ruby-libsamplerate
      ruby_protobuf

GIT
  remote: git://github.com/elliottwilliams/hallon-queue-output.git
  revision: 19883c7b06a8b2bb7256bbef2579e715f359ab9e
  branch: master
  specs:
    hallon-queue-output (0.0.2)

PATH
  remote: .
  specs:
    mumbletune (0.2.1)
      daemons
      ffi (>= 1.8)
      hallon
      mumble-ruby
      mustache
      text

GEM
  remote: https://rubygems.org/
  specs:
    activesupport (4.0.2)
      i18n (~> 0.6, >= 0.6.4)
      minitest (~> 4.2)
      multi_json (~> 1.3)
      thread_safe (~> 0.1)
      tzinfo (~> 0.3.37)
    atomic (1.1.14)
    celt-ruby (0.0.1)
      ffi
    daemons (1.1.9)
    ffi (1.8.1)
    hallon (0.18.2)
      ffi (~> 1.8)
      spotify (~> 12.5.1)
      weak_observable (~> 1.0)
    i18n (0.6.9)
    libspotify (12.1.51.3)
    minitest (4.7.5)
    multi_json (1.8.2)
    mustache (0.99.4)
    rake (10.0.4)
    ref (1.0.5)
    ruby-libsamplerate (0.0.1)
      ffi
    ruby_protobuf (0.4.11)
    spotify (12.5.1)
      ffi (~> 1.0, >= 1.0.11)
      libspotify (~> 12.1.51)
    text (1.2.1)
    thread_safe (0.1.3)
      atomic
    tzinfo (0.3.38)
    weak_observable (1.0.1)
      ref (~> 1.0.0)

PLATFORMS
  ruby

DEPENDENCIES
  bundler (~> 1.3)
  hallon-queue-output!
  mumble-ruby!
  mumbletune!
  rake
