PATH
  remote: .
  specs:
    mumbletune (0.1.0)
      eventmachine
      meta-spotify
      mumble-ruby
      mustache
      ruby-mpd
      rubypython
      sinatra
      text
      thin

GEM
  remote: https://rubygems.org/
  specs:
    activesupport (3.2.12)
      i18n (~> 0.6)
      multi_json (~> 1.0)
    blankslate (3.1.2)
    celt-ruby (0.0.1)
      ffi
    daemons (1.1.9)
    eventmachine (1.0.3)
    ffi (1.4.0)
    httparty (0.10.2)
      multi_json (~> 1.0)
      multi_xml (>= 0.5.2)
    i18n (0.6.4)
    meta-spotify (0.3.0)
      httparty (> 0.8)
    multi_json (1.6.1)
    multi_xml (0.5.3)
    mumble-ruby (0.0.3)
      activesupport
      celt-ruby
      ruby_protobuf
    mustache (0.99.4)
    rack (1.5.2)
    rack-protection (1.5.0)
      rack
    rake (10.0.3)
    ruby-mpd (0.2.1)
    ruby_protobuf (0.4.11)
    rubypython (0.6.3)
      blankslate (>= 2.1.2.3)
      ffi (>= 1.0.7)
    sinatra (1.4.1)
      rack (~> 1.5, >= 1.5.2)
      rack-protection (~> 1.4)
      tilt (~> 1.3, >= 1.3.4)
    text (1.2.1)
    thin (1.5.0)
      daemons (>= 1.0.9)
      eventmachine (>= 0.12.6)
      rack (>= 1.0.0)
    tilt (1.3.5)

PLATFORMS
  ruby

DEPENDENCIES
  bundler (~> 1.3)
  mumbletune!
  rake
